GEM
  remote: https://rubygems.org/
  specs:
    base64 (0.2.0)
    logger (1.6.0)
    minitest (5.24.1)
    rake (13.2.1)
    rexml (3.3.9)
    rubyzip (2.3.2)
    selenium-webdriver (4.23.0)
      base64 (~> 0.2)
      logger (~> 1.4)
      rexml (~> 3.2, >= 3.2.5)
      rubyzip (>= 1.2.2, < 3.0)
      websocket (~> 1.0)
    websocket (1.2.11)

PLATFORMS
  arm64-darwin-23
  ruby

DEPENDENCIES
  minitest
  rake
  selenium-webdriver

BUNDLED WITH
   2.5.17
